GEM
  remote: https://rubygems.org/
  specs:
    activesupport (4.0.4)
      i18n (~> 0.6, >= 0.6.9)
      minitest (~> 4.2)
      multi_json (~> 1.3)
      thread_safe (~> 0.1)
      tzinfo (~> 0.3.37)
    atomic (1.1.16)
    ffi (1.9.3)
    getopt (1.4.1)
    hashie (2.0.5)
    i18n (0.6.9)
    minitest (4.7.5)
    multi_json (1.9.2)
    mumble-ruby (1.0.2)
      activesupport
      hashie
      opus-ruby
      ruby_protobuf
    opus-ruby (0.0.1)
      ffi
    ruby-mpd (0.3.1)
    ruby_protobuf (0.4.11)
    rufus-scheduler (3.0.7)
      tzinfo
    thread_safe (0.3.1)
      atomic (>= 1.1.7, < 2)
    tzinfo (0.3.39)

PLATFORMS
  ruby

DEPENDENCIES
  activesupport
  getopt
  hashie
  mumble-ruby
  opus-ruby
  ruby-mpd
  ruby_protobuf
  rufus-scheduler
